GEM
  remote: http://rubygems.org/
  specs:
    addressable (2.3.6)
    axlsx (1.3.6)
      htmlentities (~> 4.3.1)
      nokogiri (>= 1.4.1)
      rubyzip (>= 0.9.5)
    bcrypt (3.1.9)
    bcrypt (3.1.9-java)
    bcrypt-ruby (3.1.5)
      bcrypt (>= 3.1.3)
    bcrypt-ruby (3.1.5-java)
      bcrypt (>= 3.1.3)
    data_mapper (1.2.0)
      dm-aggregates (~> 1.2.0)
      dm-constraints (~> 1.2.0)
      dm-core (~> 1.2.0)
      dm-migrations (~> 1.2.0)
      dm-serializer (~> 1.2.0)
      dm-timestamps (~> 1.2.0)
      dm-transactions (~> 1.2.0)
      dm-types (~> 1.2.0)
      dm-validations (~> 1.2.0)
    data_objects (0.10.14)
      addressable (~> 2.1)
    dm-aggregates (1.2.0)
      dm-core (~> 1.2.0)
    dm-constraints (1.2.0)
      dm-core (~> 1.2.0)
    dm-core (1.2.1)
      addressable (~> 2.3)
    dm-do-adapter (1.2.0)
      data_objects (~> 0.10.6)
      dm-core (~> 1.2.0)
    dm-migrations (1.2.0)
      dm-core (~> 1.2.0)
    dm-mysql-adapter (1.2.0)
      dm-do-adapter (~> 1.2.0)
      do_mysql (~> 0.10.6)
    dm-serializer (1.2.2)
      dm-core (~> 1.2.0)
      fastercsv (~> 1.5)
      json (~> 1.6)
      json_pure (~> 1.6)
      multi_json (~> 1.0)
    dm-sqlite-adapter (1.2.0)
      dm-do-adapter (~> 1.2.0)
      do_sqlite3 (~> 0.10.6)
    dm-timestamps (1.2.0)
      dm-core (~> 1.2.0)
    dm-transactions (1.2.0)
      dm-core (~> 1.2.0)
    dm-types (1.2.2)
      bcrypt-ruby (~> 3.0)
      dm-core (~> 1.2.0)
      fastercsv (~> 1.5)
      json (~> 1.6)
      multi_json (~> 1.0)
      stringex (~> 1.4)
      uuidtools (~> 2.1)
    dm-validations (1.2.0)
      dm-core (~> 1.2.0)
    do_jdbc (0.10.14-java)
      data_objects (= 0.10.14)
    do_mysql (0.10.14)
      data_objects (= 0.10.14)
    do_mysql (0.10.14-java)
      data_objects (= 0.10.14)
      do_jdbc (= 0.10.14)
      jdbc-mysql (>= 5.0.4)
    do_sqlite3 (0.10.14)
      data_objects (= 0.10.14)
    do_sqlite3 (0.10.14-java)
      data_objects (= 0.10.14)
      do_jdbc (= 0.10.14)
      jdbc-sqlite3 (>= 3.5.8)
    fastercsv (1.5.5)
    htmlentities (4.3.2)
    jdbc-mysql (5.1.35)
    jdbc-sqlite3 (3.8.7)
    json (1.8.1)
    json (1.8.1-java)
    json_pure (1.8.1)
    logger (1.2.8)
    mail (2.6.3)
      mime-types (>= 1.16, < 3)
    metaclass (0.0.4)
    mime-types (2.4.3)
    mini_portile (0.6.1)
    mocha (1.1.0)
      metaclass (~> 0.0.1)
    multi_json (1.10.1)
    net-ssh (2.9.2)
    nokogiri (1.6.5)
      mini_portile (~> 0.6.0)
    nokogiri (1.6.5-java)
    power_assert (0.2.2)
    puma (2.10.2)
      rack (>= 1.1, < 2.0)
    puma (2.10.2-java)
      rack (>= 1.1, < 2.0)
    rack (1.6.1)
    rack-protection (1.5.3)
      rack
    rack-test (0.6.2)
      rack (>= 1.0)
    roo (1.13.2)
      nokogiri
      rubyzip
      spreadsheet (> 0.6.4)
    ruby-ole (1.2.11.8)
    rubyXL (1.2.5)
    rubyzip (1.0.0)
    rufus-scheduler (3.0.9)
      tzinfo
    simple-spreadsheet (0.3.1)
      roo (>= 1.13)
      rubyXL (= 1.2.5)
      spreadsheet (= 0.6.5.9)
    sinatra (1.4.5)
      rack (~> 1.4)
      rack-protection (~> 1.4)
      tilt (~> 1.3, >= 1.3.4)
    spreadsheet (0.6.5.9)
      ruby-ole (>= 1.0)
    stringex (1.5.1)
    test-unit (3.0.8)
      power_assert
    thread_safe (0.3.4)
    thread_safe (0.3.4-java)
    tilt (1.4.1)
    tzinfo (1.2.2)
      thread_safe (~> 0.1)
    uuidtools (2.1.5)
    zip-zip (0.3)
      rubyzip (>= 1.0.0)

PLATFORMS
  java
  ruby

DEPENDENCIES
  axlsx
  data_mapper
  dm-mysql-adapter
  dm-sqlite-adapter
  json
  logger
  mail
  mocha
  net-ssh
  puma
  rack (~> 1.6.1)
  rack-test
  rubyzip (~> 1.0.0)
  rufus-scheduler
  simple-spreadsheet
  sinatra
  test-unit
  zip-zip
